PATH
  remote: .
  specs:
    moonrope-client (0.0.0)
      json (~> 1.8.1)

GEM
  remote: https://rubygems.org/
  specs:
    json (1.8.1)
    yard (0.8.7.4)

PLATFORMS
  ruby

DEPENDENCIES
  moonrope-client!
  yard (~> 0.8.7)
