PATH
  remote: .
  specs:
    moonrope-client (1.0.2)
      json (~> 1.8, >= 1.8.0)

GEM
  remote: https://rubygems.org/
  specs:
    json (1.8.1)
    yard (0.8.7.4)

PLATFORMS
  ruby

DEPENDENCIES
  moonrope-client!
  yard (~> 0.8, >= 0.8.0)
